GEM
  remote: https://rubygems.org/
  specs:
    activesupport (4.1.6)
      i18n (~> 0.6, >= 0.6.9)
      json (~> 1.7, >= 1.7.7)
      minitest (~> 5.1)
      thread_safe (~> 0.1)
      tzinfo (~> 1.1)
    ansi (1.4.3)
    celluloid (0.16.0)
      timers (~> 4.0.0)
    ejs (1.1.1)
    erubis (2.7.0)
    execjs (2.2.1)
    ffi (1.9.3)
    hitimes (1.2.2)
    i18n (0.6.11)
    ichiban (1.1.0)
      activesupport (~> 4, >= 4.1.5)
      bundler (~> 1, >= 1.5.1)
      ejs (~> 1, >= 1.1.1)
      erubis (~> 2, >= 2.7.0)
      listen (~> 2, >= 2.7.9)
      sass (~> 3, >= 3.3.14)
      source_map (>= 3.0.1)
      therubyracer (~> 0, >= 0.12.1)
      uglifier (~> 2, >= 2.5.3)
    json (1.8.1)
    libv8 (3.16.14.3)
    listen (2.7.9)
      celluloid (>= 0.15.2)
      rb-fsevent (>= 0.9.3)
      rb-inotify (>= 0.9)
    minitest (5.4.1)
    rb-fsevent (0.9.4)
    rb-inotify (0.9.5)
      ffi (>= 0.5.0)
    ref (1.0.5)
    sass (3.4.3)
    source_map (3.0.1)
      json
    therubyracer (0.12.1)
      libv8 (~> 3.16.14.0)
      ref
    thread_safe (0.3.4)
    timers (4.0.1)
      hitimes
    tzinfo (1.2.2)
      thread_safe (~> 0.1)
    uglifier (2.5.3)
      execjs (>= 0.3.0)
      json (>= 1.8.0)

PLATFORMS
  ruby

DEPENDENCIES
  ansi
  ichiban
